GIT
  remote: https://github.com/altabyte/scatter_swap.git
  revision: 7d39e2e8525feb0d46cd10269750a12b322071e3
  specs:
    scatter_swap (0.1.0)

GIT
  remote: https://github.com/amatsuda/kaminari.git
  revision: be3a2c9a2182fae145e7ff88223feb4d55ed539d
  specs:
    kaminari (1.0.0.alpha)
      actionpack (>= 3.0.0)
      activesupport (>= 3.0.0)

GIT
  remote: https://github.com/gtaschuk/consul.git
  revision: f79780bae200b64a4813b7c2eda6dc3b2cb8b085
  branch: before_action
  specs:
    consul (0.12.1)
      edge_rider (>= 0.3.0)
      memoizer
      rails

GIT
  remote: https://github.com/opal/opal-browser.git
  revision: 815348e913ea79d65044db4dee3bbeea87be763d
  specs:
    opal-browser (0.2.0)
      opal
      paggio

GIT
  remote: https://github.com/opal/opal-rails.git
  revision: 5f1f1f681bcbfecd01f601bedc76e4ecf31898ed
  specs:
    opal-rails (0.9.0)
      jquery-rails
      opal (>= 0.8.0, < 0.11)
      opal-activesupport (>= 0.0.5)
      opal-jquery (~> 0.4.0)
      rails (>= 4.0, < 6.0)
      sprockets-rails (< 3.0)

GIT
  remote: https://github.com/opal/opal-rspec.git
  revision: 6db4466d8d8714589145c6b3f027744733fdeae2
  specs:
    opal-rspec (0.6.0.beta1)
      opal (>= 0.10.0, < 0.11)

GIT
  remote: https://github.com/patleb/active_type.git
  revision: c62835ed4c293d416af87b0e81dda1b63147b4b8
  specs:
    active_type (0.5.1)
      activerecord (>= 3.2)

GIT
  remote: https://github.com/patleb/acts_as_tenant.git
  revision: 4fcad8176c43114387e0cbfce2b36c215adff8e4
  specs:
    acts_as_tenant (0.3.9)
      rails (>= 3.1)
      request_store (>= 1.0.5)

GIT
  remote: https://github.com/patleb/devise.git
  revision: d5db041b818a5c0b067f0ee2659020ce74122038
  specs:
    devise (4.2.0)
      bcrypt (~> 3.0)
      orm_adapter (~> 0.1)
      railties (>= 4.1.0, < 5.1)
      responders
      warden (~> 1.2.3)

GIT
  remote: https://github.com/patleb/orm_adapter.git
  revision: c9f8a1d6885c7eff22b8e80ffec46e6fd50b8831
  specs:
    orm_adapter (0.5.0)

GIT
  remote: https://github.com/patleb/route_translator.git
  revision: 88cb4bb3b123bf56e97f1e6a7031c7ae378d4c23
  specs:
    route_translator (5.0.1)
      actionpack (>= 5.0.0, < 5.1)
      activesupport (>= 5.0.0, < 5.1)

GIT
  remote: https://github.com/patleb/sprockets-derailleur.git
  revision: b2af6fbadeb998a34e83f48d483f4e0afde3e98f
  specs:
    sprockets-derailleur (0.0.10)
      sprockets (>= 3.0)

GIT
  remote: https://github.com/patleb/unpoly.git
  revision: 529fe569ed76e05785e55dbaa46d556a6d4adfba
  specs:
    unpoly-rails (0.27.0)
      rails (>= 3)

GIT
  remote: https://github.com/patleb/xray-rails.git
  revision: a5bc3f03a1514d145a848fedcd27cefbe9876950
  specs:
    xray-rails (0.1.21)
      coffee-rails
      rails (>= 3.1.0)

GIT
  remote: https://github.com/patleb/yaml_db.git
  revision: a6d1cb506455517ddd08abc410b75948c09c5071
  specs:
    yaml_db (0.3.0)
      rails (>= 3.0)
      rake (>= 0.8.7)

GIT
  remote: https://github.com/pedantix/remotipart.git
  revision: 7f7989db572976816c03508c335bbc1d8230af78
  specs:
    remotipart (1.2.1)

GIT
  remote: https://github.com/tongueroo/opal-rspec-rails.git
  revision: f63f675382abf8683501eda65ada9fcea4c55223
  specs:
    opal-rspec-rails (0.1.0)
      opal (>= 0.10.0, < 0.11)
      opal-rails
      opal-rspec

PATH
  remote: /home/plebel/Desktop/patleb/nicer
  specs:
    nicer (0.0.1)

PATH
  remote: /home/plebel/Desktop/patleb/surface-rb
  specs:
    surface-rb (1.0.1)
      material_icons (~> 2.2)
      record_tag_helper (~> 1.0)

GEM
  remote: https://rubygems.org/
  specs:
    actioncable (5.0.0)
      actionpack (= 5.0.0)
      nio4r (~> 1.2)
      websocket-driver (~> 0.6.1)
    actionmailer (5.0.0)
      actionpack (= 5.0.0)
      actionview (= 5.0.0)
      activejob (= 5.0.0)
      mail (~> 2.5, >= 2.5.4)
      rails-dom-testing (~> 2.0)
    actionpack (5.0.0)
      actionview (= 5.0.0)
      activesupport (= 5.0.0)
      rack (~> 2.0)
      rack-test (~> 0.6.3)
      rails-dom-testing (~> 2.0)
      rails-html-sanitizer (~> 1.0, >= 1.0.2)
    actionview (5.0.0)
      activesupport (= 5.0.0)
      builder (~> 3.1)
      erubis (~> 2.7.0)
      rails-dom-testing (~> 2.0)
      rails-html-sanitizer (~> 1.0, >= 1.0.2)
    active_link_to (1.0.3)
      actionpack
    active_record_query_trace (1.5.3)
    activejob (5.0.0)
      activesupport (= 5.0.0)
      globalid (>= 0.3.6)
    activemodel (5.0.0)
      activesupport (= 5.0.0)
    activerecord (5.0.0)
      activemodel (= 5.0.0)
      activesupport (= 5.0.0)
      arel (~> 7.0)
    activesupport (5.0.0)
      concurrent-ruby (~> 1.0, >= 1.0.2)
      i18n (~> 0.7)
      minitest (~> 5.1)
      tzinfo (~> 1.1)
    addressable (2.4.0)
    airbrussh (1.1.0)
      sshkit (>= 1.6.1, != 1.7.0)
    andand (1.3.3)
    arel (7.1.1)
    assignable_values (0.11.2)
      activerecord
    ast (2.3.0)
    autoprefixer-rails (6.3.7)
      execjs
    bcrypt (3.1.11)
    bootscale (0.5.2)
    bower-rails (0.10.0)
    brakeman (3.3.3)
    breach-mitigation-rails (0.2.2)
      activesupport
      rack
    browser (2.2.0)
    builder (3.2.2)
    bundler-audit (0.5.0)
      bundler (~> 1.2)
      thor (~> 0.18)
    capistrano (3.6.0)
      airbrussh (>= 1.0.0)
      capistrano-harrow
      i18n
      rake (>= 10.0.0)
      sshkit (>= 1.9.0)
    capistrano-bundler (1.1.4)
      capistrano (~> 3.1)
      sshkit (~> 1.2)
    capistrano-day2day-recipes (0.0.1)
      capistrano (>= 3.1)
      yaml_db
    capistrano-harrow (0.5.2)
    capistrano-passenger (0.2.0)
      capistrano (~> 3.0)
    capistrano-rails (1.1.7)
      capistrano (~> 3.1)
      capistrano-bundler (~> 1.1)
    capistrano-rbenv (2.0.4)
      capistrano (~> 3.1)
      sshkit (~> 1.3)
    capistrano3-nginx (2.1.5)
      capistrano (>= 3.0.0)
    capybara (2.7.1)
      addressable
      mime-types (>= 1.16)
      nokogiri (>= 1.3.3)
      rack (>= 1.0.0)
      rack-test (>= 0.5.4)
      xpath (~> 2.0)
    capybara-screenshot (1.0.13)
      capybara (>= 1.0, < 3)
      launchy
    chronic (0.10.2)
    cliver (0.3.2)
    coderay (1.1.1)
    coffee-rails (4.2.1)
      coffee-script (>= 2.2.0)
      railties (>= 4.0.0, < 5.2.x)
    coffee-script (2.4.1)
      coffee-script-source
      execjs
    coffee-script-source (1.10.0)
    concurrent-ruby (1.0.2)
    countries (1.2.5)
      currencies (~> 0.4.2)
      i18n_data (~> 0.7.0)
    country_select (2.5.2)
      countries (~> 1.2.0)
      sort_alphabetical (~> 1.0)
    currencies (0.4.2)
    database_cleaner (1.5.3)
    debug_inspector (0.0.2)
    devise-encryptable (0.2.0)
      devise (>= 2.1.0)
    devise-i18n (1.1.0)
    diff-lcs (1.2.5)
    docile (1.1.5)
    down (2.3.6)
    edge_rider (0.3.1)
      activerecord
    em-websocket (0.5.1)
      eventmachine (>= 0.12.9)
      http_parser.rb (~> 0.6.0)
    email_validator (1.6.0)
      activemodel
    erubis (2.7.0)
    eventmachine (1.2.0.1)
    exception_notification (4.2.1)
      actionmailer (>= 4.0, < 6)
      activesupport (>= 4.0, < 6)
    execjs (2.7.0)
    factory_girl (4.7.0)
      activesupport (>= 3.0.0)
    factory_girl_rails (4.7.0)
      factory_girl (~> 4.7.0)
      railties (>= 3.0.0)
    faker (1.6.6)
      i18n (~> 0.5)
    faster_path (0.1.8)
      ffi (~> 1.9)
    ffi (1.9.14)
    formatador (0.2.5)
    gibbon (1.2.1)
      httparty
      multi_json (>= 1.9.0)
    globalid (0.3.7)
      activesupport (>= 4.1.0)
    guard (2.14.0)
      formatador (>= 0.2.4)
      listen (>= 2.7, < 4.0)
      lumberjack (~> 1.0)
      nenv (~> 0.1)
      notiffany (~> 0.0)
      pry (>= 0.9.12)
      shellany (~> 0.0)
      thor (>= 0.18.1)
    guard-compat (1.2.1)
    guard-livereload (2.5.2)
      em-websocket (~> 0.5)
      guard (~> 2.8)
      guard-compat (~> 1.0)
      multi_json (~> 1.8)
    has_defaults (0.4.2)
      activerecord
    hike (1.2.3)
    http_parser.rb (0.6.0)
    httparty (0.14.0)
      multi_xml (>= 0.5.2)
    i18n (0.7.0)
    i18n-country-translations (1.2.3)
      i18n (~> 0.5)
      railties (>= 3.0)
    i18n_country_select (1.1.7)
      i18n (~> 0.5)
      i18n-country-translations (~> 1.0, >= 1.0.3)
      unicode_utils (~> 1.0, >= 1.0.0)
    i18n_data (0.7.0)
    image_processing (0.4.0)
    invisible_captcha (0.8.2)
      rails
    jquery-rails (4.1.1)
      rails-dom-testing (>= 1, < 3)
      railties (>= 4.2.0)
      thor (>= 0.14, < 2.0)
    json (2.0.2)
    kaminari-i18n (0.4.0)
      kaminari
      rails
    launchy (2.4.3)
      addressable (~> 2.3)
    lazyload-rails (0.3.1)
      nokogiri (~> 1.5)
    letter_opener (1.4.1)
      launchy (~> 2.2)
    letter_opener_web (1.2.3)
      letter_opener (~> 1.0)
      rails (>= 3.2)
    listen (3.0.8)
      rb-fsevent (~> 0.9, >= 0.9.4)
      rb-inotify (~> 0.9, >= 0.9.7)
    loofah (2.0.3)
      nokogiri (>= 1.5.9)
    lumberjack (1.0.10)
    mail (2.6.4)
      mime-types (>= 1.16, < 4)
    mail_interceptor (0.0.7)
      activesupport
    material_icons (2.2.0)
      railties (>= 3.2)
    memoizer (1.0.1)
    method_source (0.8.2)
    mime-types (3.1)
      mime-types-data (~> 3.2015)
    mime-types-data (3.2016.0521)
    mini_magick (4.5.1)
    mini_portile2 (2.1.0)
    minitest (5.9.0)
    multi_json (1.12.1)
    multi_xml (0.5.5)
    nenv (0.3.0)
    nestive (0.6.0)
      rails (>= 3.0.0)
    net-scp (1.2.1)
      net-ssh (>= 2.6.5)
    net-ssh (3.2.0)
    nio4r (1.2.1)
    nokogiri (1.6.8)
      mini_portile2 (~> 2.1.0)
      pkg-config (~> 1.1.7)
    notiffany (0.1.0)
      nenv (~> 0.1)
      shellany (~> 0.0)
    opal (0.10.1)
      hike (~> 1.2)
      sourcemap (~> 0.1.0)
      sprockets (~> 3.1)
      tilt (>= 1.4)
    opal-activesupport (0.3.0)
      opal (>= 0.5.0, < 1.0.0)
    opal-jquery (0.4.2)
      opal (>= 0.7.0, < 0.11.0)
    paggio (0.2.6)
    paper_trail (5.2.0)
      activerecord (>= 3.0, < 6.0)
      activesupport (>= 3.0, < 6.0)
      request_store (~> 1.1)
    paper_trail-globalid (0.2.0)
      globalid
      paper_trail (>= 3.0.0)
    parallel (1.9.0)
    parallel_tests (2.7.0)
      parallel
    parser (2.3.1.2)
      ast (~> 2.2)
    pg (0.18.4)
    pkg-config (1.1.7)
    poltergeist (1.10.0)
      capybara (~> 2.1)
      cliver (~> 0.3.1)
      websocket-driver (>= 0.2.0)
    powerpack (0.1.1)
    pry (0.10.4)
      coderay (~> 1.1.0)
      method_source (~> 0.8.1)
      slop (~> 3.4)
    puma (3.6.0)
    query_diet (0.6.0)
    rack (2.0.1)
    rack-livereload (0.3.16)
      rack
    rack-test (0.6.3)
      rack (>= 1.0)
    rails (5.0.0)
      actioncable (= 5.0.0)
      actionmailer (= 5.0.0)
      actionpack (= 5.0.0)
      actionview (= 5.0.0)
      activejob (= 5.0.0)
      activemodel (= 5.0.0)
      activerecord (= 5.0.0)
      activesupport (= 5.0.0)
      bundler (>= 1.3.0, < 2.0)
      railties (= 5.0.0)
      sprockets-rails (>= 2.0.0)
    rails-dom-testing (2.0.1)
      activesupport (>= 4.2.0, < 6.0)
      nokogiri (~> 1.6.0)
    rails-html-sanitizer (1.0.3)
      loofah (~> 2.0)
    rails-i18n (5.0.0)
      i18n (~> 0.7)
      railties (~> 5.0)
    railties (5.0.0)
      actionpack (= 5.0.0)
      activesupport (= 5.0.0)
      method_source
      rake (>= 0.8.7)
      thor (>= 0.18.1, < 2.0)
    rainbow (2.1.0)
    rake (11.2.2)
    rb-fsevent (0.9.7)
    rb-inotify (0.9.7)
      ffi (>= 0.5.0)
    record_tag_helper (1.0.0)
      actionview (~> 5.x)
    recursive-open-struct (1.0.1)
    request_store (1.3.1)
    responders (2.2.0)
      railties (>= 4.2.0, < 5.1)
    rspec-core (3.5.1)
      rspec-support (~> 3.5.0)
    rspec-expectations (3.5.0)
      diff-lcs (>= 1.2.0, < 2.0)
      rspec-support (~> 3.5.0)
    rspec-mocks (3.5.0)
      diff-lcs (>= 1.2.0, < 2.0)
      rspec-support (~> 3.5.0)
    rspec-rails (3.5.1)
      actionpack (>= 3.0)
      activesupport (>= 3.0)
      railties (>= 3.0)
      rspec-core (~> 3.5.0)
      rspec-expectations (~> 3.5.0)
      rspec-mocks (~> 3.5.0)
      rspec-support (~> 3.5.0)
    rspec-support (3.5.0)
    rubocop (0.42.0)
      parser (>= 2.3.1.1, < 3.0)
      powerpack (~> 0.1)
      rainbow (>= 1.99.1, < 3.0)
      ruby-progressbar (~> 1.7)
      unicode-display_width (~> 1.0, >= 1.0.1)
    ruby-progressbar (1.8.1)
    safe_cookies (0.2.1)
      rack
    sass (3.4.22)
    sassc (1.10.0)
      bundler
      ffi (~> 1.9.6)
      sass (>= 3.3.0)
    sassc-rails (1.2.1)
      railties (>= 4.0.0)
      sass
      sassc (~> 1.9)
      sprockets (> 2.11)
      sprockets-rails
      tilt
    shellany (0.0.1)
    shoulda-matchers (3.1.1)
      activesupport (>= 4.0.0)
    shrine (2.1.1)
      down (>= 2.3.4)
    simplecov (0.12.0)
      docile (~> 1.1.0)
      json (>= 1.8, < 3)
      simplecov-html (~> 0.10.0)
    simplecov-html (0.10.0)
    slop (3.6.0)
    sort_alphabetical (1.0.2)
      unicode_utils (>= 1.2.2)
    sourcemap (0.1.1)
    spring (1.7.2)
    spring-commands-rspec (1.0.4)
      spring (>= 0.9.1)
    spring-watcher-listen (2.0.0)
      listen (>= 2.7, < 4.0)
      spring (~> 1.2)
    sprockets (3.6.3)
      concurrent-ruby (~> 1.0)
      rack (> 1, < 3)
    sprockets-rails (2.3.3)
      actionpack (>= 3.0)
      activesupport (>= 3.0)
      sprockets (>= 2.8, < 4.0)
    sshkit (1.11.1)
      net-scp (>= 1.1.2)
      net-ssh (>= 2.8.0)
    surus (0.6.3)
      activerecord (> 4.0)
    thor (0.19.1)
    thread_safe (0.3.5)
    tilt (2.0.5)
    timecop (0.8.1)
    turbolinks (5.0.0)
      turbolinks-source (~> 5)
    turbolinks-source (5.0.0)
    tzinfo (1.2.2)
      thread_safe (~> 0.1)
    uglifier (3.0.0)
      execjs (>= 0.3.0, < 3)
    unicode-display_width (1.1.0)
    unicode_utils (1.4.0)
    warden (1.2.6)
      rack (>= 1.0)
    web-console (3.3.1)
      actionview (>= 5.0)
      activemodel (>= 5.0)
      debug_inspector
      railties (>= 5.0)
    websocket-driver (0.6.4)
      websocket-extensions (>= 0.1.0)
    websocket-extensions (0.1.2)
    whenever (0.9.7)
      chronic (>= 0.6.3)
    xpath (2.0.0)
      nokogiri (~> 1.3)
    youtube_addy (1.0.4)

PLATFORMS
  ruby

DEPENDENCIES
  active_link_to
  active_record_query_trace
  active_type!
  acts_as_tenant!
  andand
  assignable_values
  autoprefixer-rails
  bootscale
  bower-rails
  brakeman
  breach-mitigation-rails
  browser
  bundler-audit
  capistrano (~> 3.1)
  capistrano-bundler (~> 1.1)
  capistrano-day2day-recipes
  capistrano-passenger
  capistrano-rails (~> 1.1)
  capistrano-rbenv (~> 2.0)
  capistrano3-nginx (~> 2.0)
  capybara
  capybara-screenshot
  coffee-rails
  consul!
  country_select
  database_cleaner
  devise!
  devise-encryptable
  devise-i18n
  email_validator
  exception_notification
  factory_girl_rails
  faker
  faster_path
  gibbon (~> 1.1)
  guard (>= 2.2.2)
  guard-livereload
  has_defaults
  i18n_country_select
  image_processing
  invisible_captcha (~> 0.8.0)
  jquery-rails
  kaminari!
  kaminari-i18n
  lazyload-rails
  letter_opener
  letter_opener_web (~> 1.2.0)
  listen (~> 3.0.5)
  mail_interceptor
  material_icons
  mini_magick
  nestive
  nicer!
  opal-browser!
  opal-rails!
  opal-rspec!
  opal-rspec-rails!
  orm_adapter!
  paper_trail
  paper_trail-globalid
  parallel_tests
  pg
  poltergeist
  puma (~> 3.0)
  query_diet
  rack-livereload
  rails (~> 5.0)
  rails-i18n
  rb-fsevent
  record_tag_helper
  recursive-open-struct
  remotipart!
  route_translator!
  rspec-rails
  rubocop
  safe_cookies
  sassc-rails
  scatter_swap!
  shoulda-matchers
  shrine
  simplecov
  spring
  spring-commands-rspec
  spring-watcher-listen (~> 2.0.0)
  sprockets (~> 3.6.3)
  sprockets-derailleur!
  surface-rb!
  surus
  timecop
  turbolinks (~> 5.x)
  uglifier
  unpoly-rails!
  web-console
  whenever
  xray-rails!
  yaml_db!
  youtube_addy

BUNDLED WITH
   1.12.5
